GEM
  remote: https://rubygems.org/
  specs:
    gosu (0.15.1)
    vector2d (2.1.0)

PLATFORMS
  ruby

DEPENDENCIES
  gosu
  vector2d

BUNDLED WITH
   2.1.4
